GEM
  remote: https://rubygems.org/
  specs:
    ffi (1.6.0)
    listen (0.7.3)
    pg (0.15.0)
    puma (1.6.3)
      rack (~> 1.2)
    rack (1.5.2)
    rack-protection (1.5.0)
      rack
    rack-test (0.6.2)
      rack (>= 1.0)
    rb-inotify (0.9.0)
      ffi (>= 0.5.0)
    rerun (0.8.0)
      listen
    sequel (3.45.0)
    sinatra (1.4.2)
      rack (~> 1.5, >= 1.5.2)
      rack-protection (~> 1.4)
      tilt (~> 1.3, >= 1.3.4)
    sinatra-flash (0.3.0)
      sinatra (>= 1.0.0)
    slim (1.3.6)
      temple (~> 0.5.5)
      tilt (~> 1.3.3)
    temple (0.5.5)
    tilt (1.3.6)

PLATFORMS
  ruby

DEPENDENCIES
  pg
  puma
  rack-test
  rb-inotify (~> 0.9)
  rerun
  sequel
  sinatra
  sinatra-flash
  slim
